GIT
  remote: https://github.com/pry/pry.git
  revision: beaad80d0c1c1bf81ee464cdf9ae9a9e9b38c1df
  specs:
    pry (0.10.4)
      coderay (~> 1.1.0)
      method_source (~> 0.8.1)

PATH
  remote: .
  specs:
    how_is (18.0.4)
      contracts (~> 0.16.0)
      github_api (~> 0.17.0)
      slop (~> 4.4.1)
      tessellator-fetcher (~> 5.0.0)

GEM
  remote: https://rubygems.org/
  specs:
    activesupport (5.1.2)
      concurrent-ruby (~> 1.0, >= 1.0.2)
      i18n (~> 0.7)
      minitest (~> 5.1)
      tzinfo (~> 1.1)
    addressable (2.4.0)
    ast (2.3.0)
    coderay (1.1.1)
    concurrent-ruby (1.0.5)
    contracts (0.16.0)
    crack (0.4.3)
      safe_yaml (~> 1.0.0)
    curl_cacert (1.0.0)
    default (1.0.0)
    descendants_tracker (0.0.4)
      thread_safe (~> 0.3, >= 0.3.1)
    diff-lcs (1.3)
    faraday (0.9.2)
      multipart-post (>= 1.2, < 3)
    faraday-http-cache (2.0.0)
      faraday (~> 0.8)
    github_api (0.17.0)
      addressable (~> 2.4.0)
      descendants_tracker (~> 0.0.4)
      faraday (~> 0.8, < 0.10)
      hashie (>= 3.4)
      mime-types (>= 1.16, < 3.0)
      oauth2 (~> 1.0)
    github_changelog_generator (1.14.3)
      activesupport
      faraday-http-cache
      multi_json
      octokit (~> 4.6)
      rainbow (>= 2.1)
      rake (>= 10.0)
      retriable (~> 2.1)
    hashdiff (0.3.4)
    hashie (3.5.6)
    heresy (4.0.0)
      default (~> 1.0.0)
      heresy-string (~> 1.0.0)
      net-socket (~> 1.0.0)
    heresy-string (1.0.0)
    i18n (0.8.6)
    jwt (1.5.6)
    mayhaps (0.3.0)
    method_source (0.8.2)
    mime-types (2.99.3)
    minitest (5.10.2)
    multi_json (1.12.1)
    multi_xml (0.6.0)
    multipart-post (2.0.0)
    net-socket (1.0.0)
    oauth2 (1.4.0)
      faraday (>= 0.8, < 0.13)
      jwt (~> 1.0)
      multi_json (~> 1.3)
      multi_xml (~> 0.5)
      rack (>= 1.2, < 3)
    octokit (4.7.0)
      sawyer (~> 0.8.0, >= 0.5.3)
    openssl-better_defaults (0.0.1)
    parallel (1.11.2)
    parser (2.4.0.0)
      ast (~> 2.2)
    powerpack (0.1.1)
    rack (2.0.3)
    rainbow (2.2.2)
      rake
    rake (12.0.0)
    retriable (2.1.0)
    rspec (3.6.0)
      rspec-core (~> 3.6.0)
      rspec-expectations (~> 3.6.0)
      rspec-mocks (~> 3.6.0)
    rspec-core (3.6.0)
      rspec-support (~> 3.6.0)
    rspec-expectations (3.6.0)
      diff-lcs (>= 1.2.0, < 2.0)
      rspec-support (~> 3.6.0)
    rspec-mocks (3.6.0)
      diff-lcs (>= 1.2.0, < 2.0)
      rspec-support (~> 3.6.0)
    rspec-support (3.6.0)
    rubocop (0.49.1)
      parallel (~> 1.10)
      parser (>= 2.3.3.1, < 3.0)
      powerpack (~> 0.1)
      rainbow (>= 1.99.1, < 3.0)
      ruby-progressbar (~> 1.7)
      unicode-display_width (~> 1.0, >= 1.0.1)
    ruby-progressbar (1.8.1)
    safe_yaml (1.0.4)
    sawyer (0.8.1)
      addressable (>= 2.3.5, < 2.6)
      faraday (~> 0.8, < 1.0)
    slop (4.4.3)
    tessellator-fetcher (5.0.1)
      curl_cacert
      heresy (~> 4.0.0)
      mayhaps (~> 0.3.0)
      openssl-better_defaults
    thread_safe (0.3.6)
    timecop (0.9.1)
    tzinfo (1.2.3)
      thread_safe (~> 0.1)
    unicode-display_width (1.3.0)
    vcr (3.0.3)
    webmock (3.0.1)
      addressable (>= 2.3.6)
      crack (>= 0.3.2)
      hashdiff

PLATFORMS
  ruby

DEPENDENCIES
  bundler
  github_changelog_generator
  how_is!
  pry!
  rake
  rspec
  rubocop (~> 0.49.1)
  timecop
  vcr
  webmock

BUNDLED WITH
   1.15.2
